GEM
  remote: https://rubygems.org/
  specs:
    oj (2.15.0)
    pg (0.18.4)
    rack (1.6.4)
    rack-protection (1.5.3)
      rack
    sinatra (1.4.7)
      rack (~> 1.5)
      rack-protection (~> 1.4)
      tilt (>= 1.3, < 3)
    tilt (2.0.4)

PLATFORMS
  ruby

DEPENDENCIES
  oj (= 2.15.0)
  pg (= 0.18.4)
  sinatra (= 1.4.7)
